GEM
  remote: https://rubygems.org/
  specs:
    hipchat (0.4.1)
      httparty
    httparty (0.9.0)
      multi_json (~> 1.0)
      multi_xml
    mime-types (1.19)
    multi_json (1.3.6)
    multi_xml (0.5.1)
    rest-client (1.6.7)
      mime-types (>= 1.16)
    yamler (0.1.0)

PLATFORMS
  ruby

DEPENDENCIES
  hipchat
  rest-client
  yamler
